GEM
  remote: http://rubygems.org/
  specs:
    activesupport (3.0.11)
    addressable (2.2.6)
    crack (0.3.1)
    daemons (1.1.5)
    dalli (1.1.4)
    eventmachine (0.12.10)
    faraday (0.5.7)
      addressable (~> 2.2.4)
      multipart-post (~> 1.1.0)
      rack (>= 1.1.0, < 2)
    faraday_middleware (0.3.2)
      faraday (~> 0.5.4)
    hashie (1.2.0)
    httparty (0.4.5)
      crack (>= 0.1.1)
    instagram (0.8)
      faraday (~> 0.5.4)
      faraday_middleware (~> 0.3.1)
      hashie (>= 0.4.0)
      multi_json (~> 0.0.5)
    json (1.6.4)
    mash (0.0.6)
    mime-types (1.17.2)
    multi_json (0.0.5)
    multipart-post (1.1.4)
    oauth (0.3.6)
      ruby-hmac (>= 0.3.1)
    posterous (0.2.8)
      json
      typhoeus
    rack (1.4.0)
    rack-protection (1.2.0)
      rack
    ruby-hmac (0.4.0)
    sinatra (1.3.2)
      rack (~> 1.3, >= 1.3.6)
      rack-protection (~> 1.2)
      tilt (~> 1.3, >= 1.3.3)
    thin (1.3.1)
      daemons (>= 1.0.9)
      eventmachine (>= 0.12.6)
      rack (>= 1.0.0)
    tilt (1.3.3)
    twitter (0.7.4)
      httparty (~> 0.4.3)
      mash (~> 0.0.3)
      oauth (~> 0.3.5)
    typhoeus (0.3.3)
      mime-types

PLATFORMS
  ruby

DEPENDENCIES
  activesupport
  dalli
  instagram
  posterous
  sinatra
  thin
  twitter
